GEM
  remote: https://rubygems.org/
  specs:
    colorize (0.8.1)

PLATFORMS
  x86-mingw32

DEPENDENCIES
  colorize

BUNDLED WITH
   2.0.1
